PATH
  remote: .
  specs:
    sorbet-eraser (0.6.0)
      yarp

GEM
  remote: https://rubygems.org/
  specs:
    minitest (5.22.1)
    rake (13.1.0)
    yarp (0.13.0)

PLATFORMS
  arm64-darwin-21
  arm64-darwin-22
  x86_64-darwin-19
  x86_64-darwin-21
  x86_64-linux

DEPENDENCIES
  bundler
  minitest
  rake
  sorbet-eraser!

BUNDLED WITH
   2.4.12
