PATH
  remote: .
  specs:
    sorbet-eraser (0.1.1)

GEM
  remote: https://rubygems.org/
  specs:
    minitest (5.16.3)
    rake (13.0.6)

PLATFORMS
  x86_64-darwin-19
  x86_64-darwin-21
  x86_64-linux

DEPENDENCIES
  bundler
  minitest
  rake
  sorbet-eraser!

BUNDLED WITH
   2.2.15
