PATH
  remote: .
  specs:
    sorbet-eraser (0.1.0)

GEM
  remote: https://rubygems.org/
  specs:
    minitest (5.14.4)
    rake (13.0.6)

PLATFORMS
  x86_64-darwin-19

DEPENDENCIES
  bundler
  minitest
  rake
  sorbet-eraser!

BUNDLED WITH
   2.2.24
