PATH
  remote: .
  specs:
    sorbet-eraser (0.7.0)
      prism

GEM
  remote: https://rubygems.org/
  specs:
    minitest (5.25.4)
    prism (1.2.0)
    rake (13.2.1)

PLATFORMS
  arm64-darwin-21
  arm64-darwin-22
  x86_64-darwin-19
  x86_64-darwin-21
  x86_64-linux

DEPENDENCIES
  bundler
  minitest
  rake
  sorbet-eraser!

BUNDLED WITH
   2.4.12
